GEM
  remote: http://rubygems.org/
  specs:
    sass (3.4.5)

PLATFORMS
  ruby

DEPENDENCIES
  sass
